PATH
  remote: .
  specs:
    onigmo (1.0.0)
      wasmtime (~> 20.0)

GEM
  remote: https://rubygems.org/
  specs:
    debug (1.9.2)
      irb (~> 1.10)
      reline (>= 0.3.8)
    io-console (0.7.2)
    irb (1.13.2)
      rdoc (>= 4.0.0)
      reline (>= 0.4.2)
    minitest (5.24.0)
    psych (5.1.2)
      stringio
    rake (13.2.1)
    rb_sys (0.9.97)
    rdoc (6.7.0)
      psych (>= 4.0.0)
    reline (0.5.9)
      io-console (~> 0.5)
    stringio (3.1.1)
    wasmtime (20.0.0)
      rb_sys (~> 0.9.97)
    wasmtime (20.0.0-arm64-darwin)

PLATFORMS
  arm64-darwin-23
  ruby

DEPENDENCIES
  debug
  minitest
  onigmo!
  rake

BUNDLED WITH
   2.5.6
